PATH
  remote: .
  specs:
    ruby-pardot (1.0)
      crack
      httparty

GEM
  remote: http://rubygems.org/
  specs:
    crack (0.3.2)
    diff-lcs (1.1.2)
    fakeweb (1.3.0)
    httparty (0.10.2)
      multi_json (~> 1.0)
      multi_xml (>= 0.5.2)
    multi_json (1.6.1)
    multi_xml (0.5.3)
    rspec (2.5.0)
      rspec-core (~> 2.5.0)
      rspec-expectations (~> 2.5.0)
      rspec-mocks (~> 2.5.0)
    rspec-core (2.5.1)
    rspec-expectations (2.5.0)
      diff-lcs (~> 1.1.2)
    rspec-mocks (2.5.0)

PLATFORMS
  ruby

DEPENDENCIES
  bundler (>= 1.0.0)
  fakeweb
  rspec
  ruby-pardot!
